GIT
  remote: https://github.com/Hobo/hobo
  revision: d378dd8d242477113d015bb5c41bf7a590af3f63
  specs:
    dryml (2.1.0)
      actionpack (~> 4.0.2)
      hobo_support (= 2.1.0)
    hobo (2.1.0)
      dryml (= 2.1.0)
      hobo_fields (= 2.1.0)
      hobo_support (= 2.1.0)
      hobo_will_paginate
    hobo_clean (2.1.0)
      hobo (= 2.1.0)
      hobo_jquery (= 2.1.0)
    hobo_clean_admin (2.1.0)
      hobo_clean (= 2.1.0)
    hobo_fields (2.1.0)
      hobo_support (= 2.1.0)
    hobo_jquery (2.1.0)
      hobo_rapid (= 2.1.0)
      jquery-rails (~> 2.0)
    hobo_jquery_ui (2.1.0)
      hobo (= 2.1.0)
      hobo_jquery (= 2.1.0)
      jquery-ui-themes (~> 0.0.4)
    hobo_rapid (2.1.0)
      hobo (= 2.1.0)
    hobo_support (2.1.0)
      rails (~> 4.0.2)

GIT
  remote: https://github.com/Hobo/hobo_bootstrap
  revision: 988f76c56a86977c227ed7b0befc3b566b4c5991
  specs:
    hobo_bootstrap (2.1.0)
      bootstrap-sass (~> 2.1)
      hobo_jquery (>= 2.0)
      hobo_will_paginate-bootstrap

GIT
  remote: https://github.com/Hobo/hobo_bootstrap_ui
  revision: 9a41ae8e3b5108f5b70b6abd0ac933a17b32368f
  specs:
    hobo_bootstrap_ui (2.1.0)
      bootstrap-datepicker-rails
      hobo_bootstrap (>= 2.0)

GIT
  remote: https://github.com/Hobo/hobo_will_paginate
  revision: f307b84b1e0ddd6eb0c053b87d2b758c0e368d1f
  specs:
    hobo_will_paginate (2.1.0)

GEM
  remote: https://rubygems.org/
  specs:
    actionmailer (4.0.5)
      actionpack (= 4.0.5)
      mail (~> 2.5.4)
    actionpack (4.0.5)
      activesupport (= 4.0.5)
      builder (~> 3.1.0)
      erubis (~> 2.7.0)
      rack (~> 1.5.2)
      rack-test (~> 0.6.2)
    activemodel (4.0.5)
      activesupport (= 4.0.5)
      builder (~> 3.1.0)
    activerecord (4.0.5)
      activemodel (= 4.0.5)
      activerecord-deprecated_finders (~> 1.0.2)
      activesupport (= 4.0.5)
      arel (~> 4.0.0)
    activerecord-deprecated_finders (1.0.3)
    activesupport (4.0.5)
      i18n (~> 0.6, >= 0.6.9)
      minitest (~> 4.2)
      multi_json (~> 1.3)
      thread_safe (~> 0.1)
      tzinfo (~> 0.3.37)
    arel (4.0.2)
    bootstrap-datepicker-rails (1.3.0.2)
      railties (>= 3.0)
    bootstrap-sass (2.3.2.2)
      sass (~> 3.2)
    builder (3.1.4)
    coffee-rails (4.0.1)
      coffee-script (>= 2.2.0)
      railties (>= 4.0.0, < 5.0)
    coffee-script (2.2.0)
      coffee-script-source
      execjs
    coffee-script-source (1.7.0)
    daemons (1.1.9)
    differ (0.1.2)
    dye (0.1.4)
    erubis (2.7.0)
    eventmachine (1.0.3)
    execjs (2.0.2)
    hike (1.2.3)
    hobo_will_paginate-bootstrap (1.0.0)
      hobo_will_paginate
    httparty (0.13.1)
      json (~> 1.8)
      multi_xml (>= 0.5.2)
    i18n (0.6.9)
    irt (1.3.2)
      differ (>= 0.1.1)
      prompter (>= 0.1.5)
    jbuilder (1.5.3)
      activesupport (>= 3.0.0)
      multi_json (>= 1.2.0)
    jquery-rails (2.3.0)
      railties (>= 3.0, < 5.0)
      thor (>= 0.14, < 2.0)
    jquery-ui-themes (0.0.11)
      httparty
    json (1.8.1)
    mail (2.5.4)
      mime-types (~> 1.16)
      treetop (~> 1.4.8)
    mime-types (1.25.1)
    minitest (4.7.5)
    multi_json (1.10.0)
    multi_xml (0.5.5)
    polyglot (0.3.4)
    prompter (0.1.6)
      dye (>= 0.1.1)
      yard (>= 0.6.3)
    protected_attributes (1.0.7)
      activemodel (>= 4.0.1, < 5.0)
    quiet_assets (1.0.2)
      railties (>= 3.1, < 5.0)
    rack (1.5.2)
    rack-test (0.6.2)
      rack (>= 1.0)
    rails (4.0.5)
      actionmailer (= 4.0.5)
      actionpack (= 4.0.5)
      activerecord (= 4.0.5)
      activesupport (= 4.0.5)
      bundler (>= 1.3.0, < 2.0)
      railties (= 4.0.5)
      sprockets-rails (~> 2.0.0)
    railties (4.0.5)
      actionpack (= 4.0.5)
      activesupport (= 4.0.5)
      rake (>= 0.8.7)
      thor (>= 0.18.1, < 2.0)
    rake (10.3.1)
    rdoc (4.1.1)
      json (~> 1.4)
    russian (0.6.0)
      i18n (>= 0.5.0)
    sass (3.2.19)
    sass-rails (4.0.3)
      railties (>= 4.0.0, < 5.0)
      sass (~> 3.2.0)
      sprockets (~> 2.8, <= 2.11.0)
      sprockets-rails (~> 2.0)
    sdoc (0.4.0)
      json (~> 1.8)
      rdoc (~> 4.0, < 5.0)
    sprockets (2.11.0)
      hike (~> 1.2)
      multi_json (~> 1.0)
      rack (~> 1.0)
      tilt (~> 1.1, != 1.3.0)
    sprockets-rails (2.0.1)
      actionpack (>= 3.0)
      activesupport (>= 3.0)
      sprockets (~> 2.8)
    sqlite3 (1.3.9)
    thin (1.6.2)
      daemons (>= 1.0.9)
      eventmachine (>= 1.0.0)
      rack (>= 1.0.0)
    thor (0.19.1)
    thread_safe (0.3.3)
    tilt (1.4.1)
    treetop (1.4.15)
      polyglot
      polyglot (>= 0.3.1)
    turbolinks (2.2.2)
      coffee-rails
    tzinfo (0.3.39)
    uglifier (2.5.0)
      execjs (>= 0.3.0)
      json (>= 1.8.0)
    yard (0.8.7.4)

PLATFORMS
  ruby

DEPENDENCIES
  coffee-rails (~> 4.0.0)
  hobo!
  hobo_bootstrap!
  hobo_bootstrap_ui!
  hobo_clean_admin
  hobo_jquery_ui
  hobo_will_paginate!
  irt
  jbuilder (~> 1.2)
  jquery-rails
  jquery-ui-themes
  protected_attributes
  quiet_assets
  rails (~> 4.0.4)
  russian
  sass-rails (~> 4.0.2)
  sdoc
  sqlite3
  thin
  turbolinks
  uglifier (>= 1.3.0)
